PATH
  remote: .
  specs:
    milyoni_magick (0.0.1.alpha4)

GEM
  remote: https://rubygems.org/
  specs:

PLATFORMS
  ruby

DEPENDENCIES
  milyoni_magick!
